GEM
  remote: http://rubygems.org/
  specs:
    backports (3.10.3)
    bcrypt (3.1.11)
    multi_json (1.12.2)
    mustermann (1.0.1)
    rack (2.0.3)
    rack-flash3 (1.0.5)
      rack
    rack-protection (2.0.0)
      rack
    rack_csrf (2.6.0)
      rack (>= 1.1.0)
    sequel (5.2.0)
    sinatra (2.0.0)
      mustermann (~> 1.0)
      rack (~> 2.0)
      rack-protection (= 2.0.0)
      tilt (~> 2.0)
    sinatra-contrib (2.0.0)
      backports (>= 2.0)
      multi_json
      mustermann (~> 1.0)
      rack-protection (= 2.0.0)
      sinatra (= 2.0.0)
      tilt (>= 1.3, < 3)
    sinatra-reloader (1.0)
      sinatra-contrib
    tilt (2.0.8)

PLATFORMS
  ruby

DEPENDENCIES
  bcrypt
  rack-flash3
  rack_csrf
  sequel
  sinatra
  sinatra-reloader

BUNDLED WITH
   1.15.4
